GEM
  remote: http://rubygems.org/
  specs:
    activesupport (3.2.8)
      i18n (~> 0.6)
      multi_json (~> 1.0)
    adsf (1.1.1)
      rack (>= 1.0.0)
    chunky_png (1.2.6)
    colored (1.2)
    compass (0.12.2)
      chunky_png (~> 1.2)
      fssm (>= 0.2.7)
      sass (~> 3.1)
    cri (2.3.0)
      colored (>= 1.2)
    fssm (0.2.9)
    haml (3.1.7)
    htmlentities (4.3.1)
    i18n (0.6.0)
    json (1.7.5)
    kramdown (0.13.7)
    mime-types (1.19)
    multi_json (1.3.6)
    nanoc (3.4.0)
      cri (~> 2.2)
    nokogiri (1.5.5)
    rack (1.4.1)
    rake (0.9.2.2)
    rubypants (0.2.0)
    sass (3.2.1)
    systemu (2.5.2)

PLATFORMS
  ruby

DEPENDENCIES
  activesupport
  adsf
  compass
  haml
  htmlentities
  i18n
  json
  kramdown
  mime-types
  nanoc
  nokogiri
  rack
  rake
  rubypants
  systemu
