GEM
  remote: http://rubygems.org/
  specs:
    activesupport (3.0.7)
    adsf (1.0.1)
      rack (>= 1.0.0)
    chunky_png (1.2.0)
    compass (0.11.3)
      chunky_png (~> 1.2)
      fssm (>= 0.2.7)
      sass (~> 3.1)
    cri (1.0.1)
    fssm (0.2.7)
    haml (3.1.2)
    htmlentities (4.3.0)
    i18n (0.6.0)
    json (1.5.3)
    kramdown (0.13.3)
    mime-types (1.16)
    nanoc (3.1.8)
      nanoc3 (>= 3.1.8)
    nanoc3 (3.1.8)
      cri (~> 1.0)
    rack (1.3.0)
    rake (0.9.2)
    rubypants (0.2.0)
    sass (3.1.3)

PLATFORMS
  ruby

DEPENDENCIES
  activesupport
  adsf
  compass
  haml
  htmlentities
  i18n
  json
  kramdown
  mime-types
  nanoc
  rack
  rake
  rubypants
